STORAGE: NONE
RESTRICTION: == net8.0
NUGET
  remote: https://api.nuget.org/v3/index.json
    Argon (0.26)
    argu (6.2.5)
      FSharp.Core (>= 6.0)
      System.Configuration.ConfigurationManager (>= 4.4)
    DiffEngine (15.10)
      EmptyFiles (>= 8.7.1)
      System.Management (>= 9.0.2)
    DotNet.Glob (3.1.3)
    EmptyFiles (8.7.1)
    Expecto (10.2.2)
      FSharp.Core (>= 7.0.200)
      Mono.Cecil (>= 0.11.4 < 1.0)
    Fable.Browser.Blob (1.4)
      Fable.Core (>= 3.2.8)
      FSharp.Core (>= 4.7.2)
    Fable.Browser.Dom (2.18.1)
      Fable.Browser.Blob (>= 1.4)
      Fable.Browser.Event (>= 1.7)
      Fable.Browser.WebStorage (>= 1.3)
      Fable.Core (>= 3.2.8)
      FSharp.Core (>= 4.7.2)
    Fable.Browser.Event (1.7)
      Fable.Browser.Gamepad (>= 1.3)
      Fable.Core (>= 3.2.8)
      FSharp.Core (>= 4.7.2)
    Fable.Browser.Gamepad (1.3)
      Fable.Core (>= 3.2.8)
      FSharp.Core (>= 4.7.2)
    Fable.Browser.WebStorage (1.3)
      Fable.Browser.Event (>= 1.6)
      Fable.Core (>= 3.2.8)
      FSharp.Core (>= 4.7.2)
    Fable.Core (4.5)
    Fable.Electron (6.0)
      Fable.Browser.Dom (>= 1.0)
      Fable.Core (>= 3.0)
      Fable.Node (>= 1.0)
      FSharp.Core (>= 4.5.2)
    Fable.Mocha (2.17)
      Fable.Core (>= 3.0)
      FSharp.Core (>= 4.7)
    Fable.Node (1.5)
      Fable.Core (>= 3.1.2)
      FSharp.Core (>= 5.0.2)
    Fable.Promise (3.2)
      Fable.Core (>= 3.7.1)
      FSharp.Core (>= 4.7.2)
    FSharp.Control.AsyncSeq (3.2.1)
      FSharp.Core (>= 4.7.2)
      Microsoft.Bcl.AsyncInterfaces (>= 5.0)
    FSharp.Core (9.0.201)
    FSharp.Data (6.6)
      FSharp.Core (>= 6.0.1)
      FSharp.Data.Csv.Core (>= 6.6)
      FSharp.Data.Html.Core (>= 6.6)
      FSharp.Data.Http (>= 6.6)
      FSharp.Data.Json.Core (>= 6.6)
      FSharp.Data.Runtime.Utilities (>= 6.6)
      FSharp.Data.WorldBank.Core (>= 6.6)
      FSharp.Data.Xml.Core (>= 6.6)
    FSharp.Data.Csv.Core (6.6)
      FSharp.Core (>= 6.0.1)
      FSharp.Data.Runtime.Utilities (>= 6.6)
    FSharp.Data.Html.Core (6.6)
      FSharp.Core (>= 6.0.1)
      FSharp.Data.Csv.Core (>= 6.6)
      FSharp.Data.Runtime.Utilities (>= 6.6)
    FSharp.Data.Http (6.6)
      FSharp.Core (>= 6.0.1)
    FSharp.Data.Json.Core (6.6)
      FSharp.Core (>= 6.0.1)
      FSharp.Data.Http (>= 6.6)
      FSharp.Data.Runtime.Utilities (>= 6.6)
    FSharp.Data.Runtime.Utilities (6.6)
      FSharp.Core (>= 6.0.1)
      FSharp.Data.Http (>= 6.6)
    FSharp.Data.WorldBank.Core (6.6)
      FSharp.Core (>= 6.0.1)
      FSharp.Data.Http (>= 6.6)
      FSharp.Data.Json.Core (>= 6.6)
      FSharp.Data.Runtime.Utilities (>= 6.6)
    FSharp.Data.Xml.Core (6.6)
      FSharp.Core (>= 6.0.1)
      FSharp.Data.Http (>= 6.6)
      FSharp.Data.Json.Core (>= 6.6)
      FSharp.Data.Runtime.Utilities (>= 6.6)
    Humanizer (2.14.1)
      Humanizer.Core.af (>= 2.14.1)
      Humanizer.Core.ar (>= 2.14.1)
      Humanizer.Core.az (>= 2.14.1)
      Humanizer.Core.bg (>= 2.14.1)
      Humanizer.Core.bn-BD (>= 2.14.1)
      Humanizer.Core.cs (>= 2.14.1)
      Humanizer.Core.da (>= 2.14.1)
      Humanizer.Core.de (>= 2.14.1)
      Humanizer.Core.el (>= 2.14.1)
      Humanizer.Core.es (>= 2.14.1)
      Humanizer.Core.fa (>= 2.14.1)
      Humanizer.Core.fi-FI (>= 2.14.1)
      Humanizer.Core.fr (>= 2.14.1)
      Humanizer.Core.fr-BE (>= 2.14.1)
      Humanizer.Core.he (>= 2.14.1)
      Humanizer.Core.hr (>= 2.14.1)
      Humanizer.Core.hu (>= 2.14.1)
      Humanizer.Core.hy (>= 2.14.1)
      Humanizer.Core.id (>= 2.14.1)
      Humanizer.Core.is (>= 2.14.1)
      Humanizer.Core.it (>= 2.14.1)
      Humanizer.Core.ja (>= 2.14.1)
      Humanizer.Core.ko-KR (>= 2.14.1)
      Humanizer.Core.ku (>= 2.14.1)
      Humanizer.Core.lv (>= 2.14.1)
      Humanizer.Core.ms-MY (>= 2.14.1)
      Humanizer.Core.mt (>= 2.14.1)
      Humanizer.Core.nb (>= 2.14.1)
      Humanizer.Core.nb-NO (>= 2.14.1)
      Humanizer.Core.nl (>= 2.14.1)
      Humanizer.Core.pl (>= 2.14.1)
      Humanizer.Core.pt (>= 2.14.1)
      Humanizer.Core.ro (>= 2.14.1)
      Humanizer.Core.ru (>= 2.14.1)
      Humanizer.Core.sk (>= 2.14.1)
      Humanizer.Core.sl (>= 2.14.1)
      Humanizer.Core.sr (>= 2.14.1)
      Humanizer.Core.sr-Latn (>= 2.14.1)
      Humanizer.Core.sv (>= 2.14.1)
      Humanizer.Core.th-TH (>= 2.14.1)
      Humanizer.Core.tr (>= 2.14.1)
      Humanizer.Core.uk (>= 2.14.1)
      Humanizer.Core.uz-Cyrl-UZ (>= 2.14.1)
      Humanizer.Core.uz-Latn-UZ (>= 2.14.1)
      Humanizer.Core.vi (>= 2.14.1)
      Humanizer.Core.zh-CN (>= 2.14.1)
      Humanizer.Core.zh-Hans (>= 2.14.1)
      Humanizer.Core.zh-Hant (>= 2.14.1)
    Humanizer.Core (2.14.1)
    Humanizer.Core.af (2.14.1)
      Humanizer.Core (2.14.1)
    Humanizer.Core.ar (2.14.1)
      Humanizer.Core (2.14.1)
    Humanizer.Core.az (2.14.1)
      Humanizer.Core (2.14.1)
    Humanizer.Core.bg (2.14.1)
      Humanizer.Core (2.14.1)
    Humanizer.Core.bn-BD (2.14.1)
      Humanizer.Core (2.14.1)
    Humanizer.Core.cs (2.14.1)
      Humanizer.Core (2.14.1)
    Humanizer.Core.da (2.14.1)
      Humanizer.Core (2.14.1)
    Humanizer.Core.de (2.14.1)
      Humanizer.Core (2.14.1)
    Humanizer.Core.el (2.14.1)
      Humanizer.Core (2.14.1)
    Humanizer.Core.es (2.14.1)
      Humanizer.Core (2.14.1)
    Humanizer.Core.fa (2.14.1)
      Humanizer.Core (2.14.1)
    Humanizer.Core.fi-FI (2.14.1)
      Humanizer.Core (2.14.1)
    Humanizer.Core.fr (2.14.1)
      Humanizer.Core (2.14.1)
    Humanizer.Core.fr-BE (2.14.1)
      Humanizer.Core (2.14.1)
    Humanizer.Core.he (2.14.1)
      Humanizer.Core (2.14.1)
    Humanizer.Core.hr (2.14.1)
      Humanizer.Core (2.14.1)
    Humanizer.Core.hu (2.14.1)
      Humanizer.Core (2.14.1)
    Humanizer.Core.hy (2.14.1)
      Humanizer.Core (2.14.1)
    Humanizer.Core.id (2.14.1)
      Humanizer.Core (2.14.1)
    Humanizer.Core.is (2.14.1)
      Humanizer.Core (2.14.1)
    Humanizer.Core.it (2.14.1)
      Humanizer.Core (2.14.1)
    Humanizer.Core.ja (2.14.1)
      Humanizer.Core (2.14.1)
    Humanizer.Core.ko-KR (2.14.1)
      Humanizer.Core (2.14.1)
    Humanizer.Core.ku (2.14.1)
      Humanizer.Core (2.14.1)
    Humanizer.Core.lv (2.14.1)
      Humanizer.Core (2.14.1)
    Humanizer.Core.ms-MY (2.14.1)
      Humanizer.Core (2.14.1)
    Humanizer.Core.mt (2.14.1)
      Humanizer.Core (2.14.1)
    Humanizer.Core.nb (2.14.1)
      Humanizer.Core (2.14.1)
    Humanizer.Core.nb-NO (2.14.1)
      Humanizer.Core (2.14.1)
    Humanizer.Core.nl (2.14.1)
      Humanizer.Core (2.14.1)
    Humanizer.Core.pl (2.14.1)
      Humanizer.Core (2.14.1)
    Humanizer.Core.pt (2.14.1)
      Humanizer.Core (2.14.1)
    Humanizer.Core.ro (2.14.1)
      Humanizer.Core (2.14.1)
    Humanizer.Core.ru (2.14.1)
      Humanizer.Core (2.14.1)
    Humanizer.Core.sk (2.14.1)
      Humanizer.Core (2.14.1)
    Humanizer.Core.sl (2.14.1)
      Humanizer.Core (2.14.1)
    Humanizer.Core.sr (2.14.1)
      Humanizer.Core (2.14.1)
    Humanizer.Core.sr-Latn (2.14.1)
      Humanizer.Core (2.14.1)
    Humanizer.Core.sv (2.14.1)
      Humanizer.Core (2.14.1)
    Humanizer.Core.th-TH (2.14.1)
      Humanizer.Core (2.14.1)
    Humanizer.Core.tr (2.14.1)
      Humanizer.Core (2.14.1)
    Humanizer.Core.uk (2.14.1)
      Humanizer.Core (2.14.1)
    Humanizer.Core.uz-Cyrl-UZ (2.14.1)
      Humanizer.Core (2.14.1)
    Humanizer.Core.uz-Latn-UZ (2.14.1)
      Humanizer.Core (2.14.1)
    Humanizer.Core.vi (2.14.1)
      Humanizer.Core (2.14.1)
    Humanizer.Core.zh-CN (2.14.1)
      Humanizer.Core (2.14.1)
    Humanizer.Core.zh-Hans (2.14.1)
      Humanizer.Core (2.14.1)
    Humanizer.Core.zh-Hant (2.14.1)
      Humanizer.Core (2.14.1)
    MediatR (8.1)
    Microsoft.ApplicationInsights (2.23)
      System.Diagnostics.DiagnosticSource (>= 5.0)
    Microsoft.Bcl.AsyncInterfaces (9.0.3)
    Microsoft.CodeCoverage (17.13)
    Microsoft.Extensions.Configuration (9.0.2)
      Microsoft.Extensions.Configuration.Abstractions (>= 9.0.2)
      Microsoft.Extensions.Primitives (>= 9.0.2)
    Microsoft.Extensions.Configuration.Abstractions (9.0.2)
      Microsoft.Extensions.Primitives (>= 9.0.2)
    Microsoft.Extensions.Configuration.Binder (9.0.2)
      Microsoft.Extensions.Configuration.Abstractions (>= 9.0.2)
    Microsoft.Extensions.DependencyInjection (9.0.2)
      Microsoft.Extensions.DependencyInjection.Abstractions (>= 9.0.2)
    Microsoft.Extensions.DependencyInjection.Abstractions (9.0.2)
    Microsoft.Extensions.FileSystemGlobbing (9.0.3)
    Microsoft.Extensions.Logging (9.0.2)
      Microsoft.Extensions.DependencyInjection (>= 9.0.2)
      Microsoft.Extensions.Logging.Abstractions (>= 9.0.2)
      Microsoft.Extensions.Options (>= 9.0.2)
    Microsoft.Extensions.Logging.Abstractions (9.0.2)
      Microsoft.Extensions.DependencyInjection.Abstractions (>= 9.0.2)
      System.Diagnostics.DiagnosticSource (>= 9.0.2)
    Microsoft.Extensions.Options (9.0.2)
      Microsoft.Extensions.DependencyInjection.Abstractions (>= 9.0.2)
      Microsoft.Extensions.Primitives (>= 9.0.2)
    Microsoft.Extensions.Options.ConfigurationExtensions (9.0.2)
      Microsoft.Extensions.Configuration.Abstractions (>= 9.0.2)
      Microsoft.Extensions.Configuration.Binder (>= 9.0.2)
      Microsoft.Extensions.DependencyInjection.Abstractions (>= 9.0.2)
      Microsoft.Extensions.Options (>= 9.0.2)
      Microsoft.Extensions.Primitives (>= 9.0.2)
    Microsoft.Extensions.Primitives (9.0.2)
    Microsoft.NET.Test.Sdk (17.13)
      Microsoft.CodeCoverage (>= 17.13)
      Microsoft.TestPlatform.TestHost (>= 17.13)
    Microsoft.Testing.Extensions.Telemetry (1.6.2)
      Microsoft.ApplicationInsights (>= 2.22)
      Microsoft.Testing.Platform (>= 1.6.2)
    Microsoft.Testing.Extensions.TrxReport.Abstractions (1.6.2)
      Microsoft.Testing.Platform (>= 1.6.2)
    Microsoft.Testing.Extensions.VSTestBridge (1.6.2)
      Microsoft.Testing.Extensions.Telemetry (>= 1.6.2)
      Microsoft.Testing.Extensions.TrxReport.Abstractions (>= 1.6.2)
      Microsoft.Testing.Platform (>= 1.6.2)
      Microsoft.TestPlatform.ObjectModel (>= 17.13)
    Microsoft.Testing.Platform (1.6.2)
    Microsoft.Testing.Platform.MSBuild (1.6.2)
      Microsoft.Testing.Platform (>= 1.6.2)
    Microsoft.TestPlatform.ObjectModel (17.13)
      System.Reflection.Metadata (>= 1.6)
    Microsoft.TestPlatform.TestHost (17.13)
      Microsoft.TestPlatform.ObjectModel (>= 17.13)
      Newtonsoft.Json (>= 13.0.1)
    Microsoft.VisualStudio.Threading (17.13.2)
      Microsoft.VisualStudio.Threading.Analyzers (>= 17.13.2)
      Microsoft.VisualStudio.Validation (>= 17.8.8)
    Microsoft.VisualStudio.Threading.Analyzers (17.13.2)
    Microsoft.VisualStudio.Validation (17.8.8)
    Mono.Cecil (0.11.6)
    Nerdbank.Streams (2.11.86)
      Microsoft.VisualStudio.Threading (>= 17.10.48)
      Microsoft.VisualStudio.Validation (>= 17.8.8)
      System.IO.Pipelines (>= 8.0)
    Newtonsoft.Json (13.0.3)
    OmniSharp.Extensions.JsonRpc (0.19.9)
      MediatR (>= 8.1)
      Microsoft.Extensions.DependencyInjection (>= 6.0.1)
      Microsoft.Extensions.Logging (>= 6.0)
      Nerdbank.Streams (>= 2.10.69)
      Newtonsoft.Json (>= 13.0.3)
      OmniSharp.Extensions.JsonRpc.Generators (>= 0.19.9)
      System.Collections.Immutable (>= 5.0)
      System.Reactive (>= 6.0)
      System.Threading.Channels (>= 6.0)
    OmniSharp.Extensions.JsonRpc.Generators (0.19.9)
    OmniSharp.Extensions.JsonRpc.Testing (0.19.9)
      OmniSharp.Extensions.JsonRpc (>= 0.19.9)
    OmniSharp.Extensions.LanguageClient (0.19.9)
      Microsoft.Extensions.Configuration (>= 6.0.1)
      OmniSharp.Extensions.JsonRpc (>= 0.19.9)
      OmniSharp.Extensions.LanguageProtocol (>= 0.19.9)
      OmniSharp.Extensions.LanguageServer.Shared (>= 0.19.9)
    OmniSharp.Extensions.LanguageProtocol (0.19.9)
      Microsoft.Extensions.Configuration (>= 6.0.1)
      Microsoft.Extensions.Configuration.Binder (>= 6.0)
      Microsoft.Extensions.Options.ConfigurationExtensions (>= 6.0)
      OmniSharp.Extensions.JsonRpc (>= 0.19.9)
      OmniSharp.Extensions.JsonRpc.Generators (>= 0.19.9)
    OmniSharp.Extensions.LanguageProtocol.Testing (0.19.9)
      OmniSharp.Extensions.JsonRpc.Testing (>= 0.19.9)
      OmniSharp.Extensions.LanguageClient (>= 0.19.9)
      OmniSharp.Extensions.LanguageProtocol (>= 0.19.9)
      OmniSharp.Extensions.LanguageServer (>= 0.19.9)
    OmniSharp.Extensions.LanguageServer (0.19.9)
      Microsoft.Extensions.Configuration (>= 6.0.1)
      OmniSharp.Extensions.JsonRpc (>= 0.19.9)
      OmniSharp.Extensions.LanguageProtocol (>= 0.19.9)
      OmniSharp.Extensions.LanguageServer.Shared (>= 0.19.9)
    OmniSharp.Extensions.LanguageServer.Shared (0.19.9)
      OmniSharp.Extensions.LanguageProtocol (>= 0.19.9)
    Serilog (4.2)
    Serilog.Extensions.Logging (9.0)
      Microsoft.Extensions.Logging (>= 9.0)
      Serilog (>= 4.2)
    Serilog.Sinks.Console (6.0)
      Serilog (>= 4.0)
    Serilog.Sinks.File (6.0)
      Serilog (>= 4.0)
    SimpleInfoName (3.1)
    System.CodeDom (9.0.2)
    System.Collections.Immutable (9.0.2)
    System.Configuration.ConfigurationManager (9.0.3)
      System.Diagnostics.EventLog (>= 9.0.3)
      System.Security.Cryptography.ProtectedData (>= 9.0.3)
    System.Diagnostics.DiagnosticSource (9.0.2)
    System.Diagnostics.EventLog (9.0.3)
    System.IO.Hashing (9.0.2)
    System.IO.Pipelines (9.0.2)
    System.Management (9.0.2)
      System.CodeDom (>= 9.0.2)
    System.Reactive (6.0.1)
    System.Reflection.Metadata (9.0.2)
      System.Collections.Immutable (>= 9.0.2)
    System.Security.Cryptography.ProtectedData (9.0.3)
    System.Threading.Channels (9.0.2)
    Unquote (7.0.1)
      FSharp.Core (>= 6.0)
    Verify (28.13)
      Argon (>= 0.26)
      DiffEngine (>= 15.9.1)
      SimpleInfoName (>= 3.1)
      System.IO.Hashing (>= 9.0.2)
    Verify.Expecto (28.13)
      Argon (>= 0.26)
      DiffEngine (>= 15.9.1)
      Expecto (>= 10.2.1)
      FSharp.Core (>= 9.0.201)
      SimpleInfoName (>= 3.1)
      System.IO.Hashing (>= 9.0.2)
      Verify (>= 28.13)
    YamlDotNet (16.3)
    YoloDev.Expecto.TestSdk (0.15.3)
      Expecto (>= 10.2.2 < 11.0)
      FSharp.Core (>= 7.0.200)
      Microsoft.Testing.Extensions.VSTestBridge (>= 1.6.2)
      Microsoft.Testing.Platform.MSBuild (>= 1.6.2)
GITHUB
  remote: ionide/ionide-vscode-helpers
    src/Fable.Import.VSCode.fs (8e81bc03f11f07b8e0811b3d4598eadc78f32f2f)
    src/Helpers.fs (8e81bc03f11f07b8e0811b3d4598eadc78f32f2f)