STORAGE: NONE
RESTRICTION: == net8.0
NUGET
  remote: https://api.nuget.org/v3/index.json
    Argon (0.17)
    DiffEngine (15.5)
      EmptyFiles (>= 8.3)
      System.Management (>= 8.0)
    DotNet.Glob (3.1.3)
    EmptyFiles (8.3)
    Expecto (10.2.1)
      FSharp.Core (>= 7.0.200)
      Mono.Cecil (>= 0.11.4 < 1.0)
    Fable.Browser.Blob (1.3)
      Fable.Core (>= 3.0)
      FSharp.Core (>= 4.7.2)
    Fable.Browser.Dom (2.15)
      Fable.Browser.Blob (>= 1.3)
      Fable.Browser.Event (>= 1.5)
      Fable.Browser.WebStorage (>= 1.2)
      Fable.Core (>= 3.2.8)
      FSharp.Core (>= 4.7.2)
    Fable.Browser.Event (1.5)
      Fable.Browser.Gamepad (>= 1.1)
      Fable.Core (>= 3.0)
      FSharp.Core (>= 4.7.2)
    Fable.Browser.Gamepad (1.2)
      Fable.Core (>= 3.0)
      FSharp.Core (>= 4.7.2)
    Fable.Browser.WebStorage (1.2)
      Fable.Browser.Event (>= 1.5)
      Fable.Core (>= 3.0)
      FSharp.Core (>= 4.7.2)
    Fable.Core (4.3)
    Fable.Electron (6.0)
      Fable.Browser.Dom (>= 1.0)
      Fable.Core (>= 3.0)
      Fable.Node (>= 1.0)
      FSharp.Core (>= 4.5.2)
    Fable.Mocha (2.17)
      Fable.Core (>= 3.0)
      FSharp.Core (>= 4.7)
    Fable.Node (1.2)
      Fable.Core (>= 3.1.2)
      FSharp.Core (>= 5.0)
    Fable.Promise (3.2)
      Fable.Core (>= 3.7.1)
      FSharp.Core (>= 4.7.2)
    FSharp.Core (8.0.301)
    Humanizer (2.14.1)
      Humanizer.Core.af (>= 2.14.1)
      Humanizer.Core.ar (>= 2.14.1)
      Humanizer.Core.az (>= 2.14.1)
      Humanizer.Core.bg (>= 2.14.1)
      Humanizer.Core.bn-BD (>= 2.14.1)
      Humanizer.Core.cs (>= 2.14.1)
      Humanizer.Core.da (>= 2.14.1)
      Humanizer.Core.de (>= 2.14.1)
      Humanizer.Core.el (>= 2.14.1)
      Humanizer.Core.es (>= 2.14.1)
      Humanizer.Core.fa (>= 2.14.1)
      Humanizer.Core.fi-FI (>= 2.14.1)
      Humanizer.Core.fr (>= 2.14.1)
      Humanizer.Core.fr-BE (>= 2.14.1)
      Humanizer.Core.he (>= 2.14.1)
      Humanizer.Core.hr (>= 2.14.1)
      Humanizer.Core.hu (>= 2.14.1)
      Humanizer.Core.hy (>= 2.14.1)
      Humanizer.Core.id (>= 2.14.1)
      Humanizer.Core.is (>= 2.14.1)
      Humanizer.Core.it (>= 2.14.1)
      Humanizer.Core.ja (>= 2.14.1)
      Humanizer.Core.ko-KR (>= 2.14.1)
      Humanizer.Core.ku (>= 2.14.1)
      Humanizer.Core.lv (>= 2.14.1)
      Humanizer.Core.ms-MY (>= 2.14.1)
      Humanizer.Core.mt (>= 2.14.1)
      Humanizer.Core.nb (>= 2.14.1)
      Humanizer.Core.nb-NO (>= 2.14.1)
      Humanizer.Core.nl (>= 2.14.1)
      Humanizer.Core.pl (>= 2.14.1)
      Humanizer.Core.pt (>= 2.14.1)
      Humanizer.Core.ro (>= 2.14.1)
      Humanizer.Core.ru (>= 2.14.1)
      Humanizer.Core.sk (>= 2.14.1)
      Humanizer.Core.sl (>= 2.14.1)
      Humanizer.Core.sr (>= 2.14.1)
      Humanizer.Core.sr-Latn (>= 2.14.1)
      Humanizer.Core.sv (>= 2.14.1)
      Humanizer.Core.th-TH (>= 2.14.1)
      Humanizer.Core.tr (>= 2.14.1)
      Humanizer.Core.uk (>= 2.14.1)
      Humanizer.Core.uz-Cyrl-UZ (>= 2.14.1)
      Humanizer.Core.uz-Latn-UZ (>= 2.14.1)
      Humanizer.Core.vi (>= 2.14.1)
      Humanizer.Core.zh-CN (>= 2.14.1)
      Humanizer.Core.zh-Hans (>= 2.14.1)
      Humanizer.Core.zh-Hant (>= 2.14.1)
    Humanizer.Core (2.14.1)
    Humanizer.Core.af (2.14.1)
      Humanizer.Core (2.14.1)
    Humanizer.Core.ar (2.14.1)
      Humanizer.Core (2.14.1)
    Humanizer.Core.az (2.14.1)
      Humanizer.Core (2.14.1)
    Humanizer.Core.bg (2.14.1)
      Humanizer.Core (2.14.1)
    Humanizer.Core.bn-BD (2.14.1)
      Humanizer.Core (2.14.1)
    Humanizer.Core.cs (2.14.1)
      Humanizer.Core (2.14.1)
    Humanizer.Core.da (2.14.1)
      Humanizer.Core (2.14.1)
    Humanizer.Core.de (2.14.1)
      Humanizer.Core (2.14.1)
    Humanizer.Core.el (2.14.1)
      Humanizer.Core (2.14.1)
    Humanizer.Core.es (2.14.1)
      Humanizer.Core (2.14.1)
    Humanizer.Core.fa (2.14.1)
      Humanizer.Core (2.14.1)
    Humanizer.Core.fi-FI (2.14.1)
      Humanizer.Core (2.14.1)
    Humanizer.Core.fr (2.14.1)
      Humanizer.Core (2.14.1)
    Humanizer.Core.fr-BE (2.14.1)
      Humanizer.Core (2.14.1)
    Humanizer.Core.he (2.14.1)
      Humanizer.Core (2.14.1)
    Humanizer.Core.hr (2.14.1)
      Humanizer.Core (2.14.1)
    Humanizer.Core.hu (2.14.1)
      Humanizer.Core (2.14.1)
    Humanizer.Core.hy (2.14.1)
      Humanizer.Core (2.14.1)
    Humanizer.Core.id (2.14.1)
      Humanizer.Core (2.14.1)
    Humanizer.Core.is (2.14.1)
      Humanizer.Core (2.14.1)
    Humanizer.Core.it (2.14.1)
      Humanizer.Core (2.14.1)
    Humanizer.Core.ja (2.14.1)
      Humanizer.Core (2.14.1)
    Humanizer.Core.ko-KR (2.14.1)
      Humanizer.Core (2.14.1)
    Humanizer.Core.ku (2.14.1)
      Humanizer.Core (2.14.1)
    Humanizer.Core.lv (2.14.1)
      Humanizer.Core (2.14.1)
    Humanizer.Core.ms-MY (2.14.1)
      Humanizer.Core (2.14.1)
    Humanizer.Core.mt (2.14.1)
      Humanizer.Core (2.14.1)
    Humanizer.Core.nb (2.14.1)
      Humanizer.Core (2.14.1)
    Humanizer.Core.nb-NO (2.14.1)
      Humanizer.Core (2.14.1)
    Humanizer.Core.nl (2.14.1)
      Humanizer.Core (2.14.1)
    Humanizer.Core.pl (2.14.1)
      Humanizer.Core (2.14.1)
    Humanizer.Core.pt (2.14.1)
      Humanizer.Core (2.14.1)
    Humanizer.Core.ro (2.14.1)
      Humanizer.Core (2.14.1)
    Humanizer.Core.ru (2.14.1)
      Humanizer.Core (2.14.1)
    Humanizer.Core.sk (2.14.1)
      Humanizer.Core (2.14.1)
    Humanizer.Core.sl (2.14.1)
      Humanizer.Core (2.14.1)
    Humanizer.Core.sr (2.14.1)
      Humanizer.Core (2.14.1)
    Humanizer.Core.sr-Latn (2.14.1)
      Humanizer.Core (2.14.1)
    Humanizer.Core.sv (2.14.1)
      Humanizer.Core (2.14.1)
    Humanizer.Core.th-TH (2.14.1)
      Humanizer.Core (2.14.1)
    Humanizer.Core.tr (2.14.1)
      Humanizer.Core (2.14.1)
    Humanizer.Core.uk (2.14.1)
      Humanizer.Core (2.14.1)
    Humanizer.Core.uz-Cyrl-UZ (2.14.1)
      Humanizer.Core (2.14.1)
    Humanizer.Core.uz-Latn-UZ (2.14.1)
      Humanizer.Core (2.14.1)
    Humanizer.Core.vi (2.14.1)
      Humanizer.Core (2.14.1)
    Humanizer.Core.zh-CN (2.14.1)
      Humanizer.Core (2.14.1)
    Humanizer.Core.zh-Hans (2.14.1)
      Humanizer.Core (2.14.1)
    Humanizer.Core.zh-Hant (2.14.1)
      Humanizer.Core (2.14.1)
    MediatR (8.1)
    Microsoft.Bcl.AsyncInterfaces (8.0)
    Microsoft.CodeCoverage (17.13)
    Microsoft.Extensions.Configuration (8.0)
      Microsoft.Extensions.Configuration.Abstractions (>= 8.0)
      Microsoft.Extensions.Primitives (>= 8.0)
    Microsoft.Extensions.Configuration.Abstractions (8.0)
      Microsoft.Extensions.Primitives (>= 8.0)
    Microsoft.Extensions.Configuration.Binder (8.0.1)
      Microsoft.Extensions.Configuration.Abstractions (>= 8.0)
    Microsoft.Extensions.DependencyInjection (8.0)
      Microsoft.Extensions.DependencyInjection.Abstractions (>= 8.0)
    Microsoft.Extensions.DependencyInjection.Abstractions (8.0)
    Microsoft.Extensions.Logging (8.0)
      Microsoft.Extensions.DependencyInjection (>= 8.0)
      Microsoft.Extensions.Logging.Abstractions (>= 8.0)
      Microsoft.Extensions.Options (>= 8.0)
    Microsoft.Extensions.Logging.Abstractions (8.0)
      Microsoft.Extensions.DependencyInjection.Abstractions (>= 8.0)
    Microsoft.Extensions.Options (8.0.1)
      Microsoft.Extensions.DependencyInjection.Abstractions (>= 8.0)
      Microsoft.Extensions.Primitives (>= 8.0)
    Microsoft.Extensions.Options.ConfigurationExtensions (8.0)
      Microsoft.Extensions.Configuration.Abstractions (>= 8.0)
      Microsoft.Extensions.Configuration.Binder (>= 8.0)
      Microsoft.Extensions.DependencyInjection.Abstractions (>= 8.0)
      Microsoft.Extensions.Options (>= 8.0)
      Microsoft.Extensions.Primitives (>= 8.0)
    Microsoft.Extensions.Primitives (8.0)
    Microsoft.NET.Test.Sdk (17.13)
      Microsoft.CodeCoverage (>= 17.13)
      Microsoft.TestPlatform.TestHost (>= 17.13)
    Microsoft.TestPlatform.ObjectModel (17.13)
      System.Reflection.Metadata (>= 1.6)
    Microsoft.TestPlatform.TestHost (17.13)
      Microsoft.TestPlatform.ObjectModel (>= 17.13)
      Newtonsoft.Json (>= 13.0.1)
    Microsoft.VisualStudio.Threading (17.8.14)
      Microsoft.Bcl.AsyncInterfaces (>= 7.0)
      Microsoft.VisualStudio.Threading.Analyzers (>= 17.8.14)
      Microsoft.VisualStudio.Validation (>= 17.8.8)
      Microsoft.Win32.Registry (>= 5.0)
      System.Threading.Tasks.Extensions (>= 4.5.4)
    Microsoft.VisualStudio.Threading.Analyzers (17.8.14)
    Microsoft.VisualStudio.Validation (17.8.8)
    Microsoft.Win32.Registry (5.0)
      System.Security.AccessControl (>= 5.0)
      System.Security.Principal.Windows (>= 5.0)
    Mono.Cecil (0.11.5)
    Nerdbank.Streams (2.10.72)
      Microsoft.Bcl.AsyncInterfaces (>= 7.0)
      Microsoft.VisualStudio.Threading (>= 17.6.40)
      Microsoft.VisualStudio.Validation (>= 17.6.11)
      System.IO.Pipelines (>= 7.0)
      System.Runtime.CompilerServices.Unsafe (>= 6.0)
    Newtonsoft.Json (13.0.3)
    OmniSharp.Extensions.JsonRpc (0.19.9)
      MediatR (>= 8.1)
      Microsoft.Extensions.DependencyInjection (>= 6.0.1)
      Microsoft.Extensions.Logging (>= 6.0)
      Nerdbank.Streams (>= 2.10.69)
      Newtonsoft.Json (>= 13.0.3)
      OmniSharp.Extensions.JsonRpc.Generators (>= 0.19.9)
      System.Collections.Immutable (>= 5.0)
      System.Reactive (>= 6.0)
      System.Threading.Channels (>= 6.0)
    OmniSharp.Extensions.JsonRpc.Generators (0.19.9)
    OmniSharp.Extensions.JsonRpc.Testing (0.19.9)
      OmniSharp.Extensions.JsonRpc (>= 0.19.9)
    OmniSharp.Extensions.LanguageClient (0.19.9)
      Microsoft.Extensions.Configuration (>= 6.0.1)
      OmniSharp.Extensions.JsonRpc (>= 0.19.9)
      OmniSharp.Extensions.LanguageProtocol (>= 0.19.9)
      OmniSharp.Extensions.LanguageServer.Shared (>= 0.19.9)
    OmniSharp.Extensions.LanguageProtocol (0.19.9)
      Microsoft.Extensions.Configuration (>= 6.0.1)
      Microsoft.Extensions.Configuration.Binder (>= 6.0)
      Microsoft.Extensions.Options.ConfigurationExtensions (>= 6.0)
      OmniSharp.Extensions.JsonRpc (>= 0.19.9)
      OmniSharp.Extensions.JsonRpc.Generators (>= 0.19.9)
    OmniSharp.Extensions.LanguageProtocol.Testing (0.19.9)
      OmniSharp.Extensions.JsonRpc.Testing (>= 0.19.9)
      OmniSharp.Extensions.LanguageClient (>= 0.19.9)
      OmniSharp.Extensions.LanguageProtocol (>= 0.19.9)
      OmniSharp.Extensions.LanguageServer (>= 0.19.9)
    OmniSharp.Extensions.LanguageServer (0.19.9)
      Microsoft.Extensions.Configuration (>= 6.0.1)
      OmniSharp.Extensions.JsonRpc (>= 0.19.9)
      OmniSharp.Extensions.LanguageProtocol (>= 0.19.9)
      OmniSharp.Extensions.LanguageServer.Shared (>= 0.19.9)
    OmniSharp.Extensions.LanguageServer.Shared (0.19.9)
      OmniSharp.Extensions.LanguageProtocol (>= 0.19.9)
    Serilog (4.0)
    Serilog.Extensions.Logging (8.0)
      Microsoft.Extensions.Logging (>= 8.0)
      Serilog (>= 3.1.1)
    Serilog.Sinks.Console (6.0)
      Serilog (>= 4.0)
    Serilog.Sinks.File (6.0)
      Serilog (>= 4.0)
    SimpleInfoName (2.3)
    System.CodeDom (8.0)
    System.Collections.Immutable (8.0)
    System.IO.Hashing (8.0)
    System.IO.Pipelines (8.0)
    System.Management (8.0)
      System.CodeDom (>= 8.0)
    System.Reactive (6.0)
    System.Reflection.Metadata (8.0.1)
    System.Runtime.CompilerServices.Unsafe (6.0)
    System.Security.AccessControl (6.0)
    System.Security.Principal.Windows (5.0)
    System.Threading.Channels (8.0)
    System.Threading.Tasks.Extensions (4.5.4)
    Unquote (7.0)
      FSharp.Core (>= 8.0.100)
    Verify (25.3.2)
      Argon (>= 0.17)
      DiffEngine (>= 15.4.6)
      SimpleInfoName (>= 2.3)
      System.IO.Hashing (>= 8.0)
    Verify.Expecto (25.2)
      Expecto (>= 10.2.1)
      FSharp.Core (>= 8.0.300)
      Verify (>= 25.2)
    YamlDotNet (16.0)
    YoloDev.Expecto.TestSdk (0.14.3)
      Expecto (>= 10.0 < 11.0)
      FSharp.Core (>= 7.0.200)
      System.Collections.Immutable (>= 6.0)
GITHUB
  remote: ionide/ionide-vscode-helpers
    src/Fable.Import.VSCode.fs (8e81bc03f11f07b8e0811b3d4598eadc78f32f2f)
    src/Helpers.fs (8e81bc03f11f07b8e0811b3d4598eadc78f32f2f)